GEM
  remote: https://rubygems.org/
  specs:
    arduino_firmata (0.3.7)
      args_parser (>= 0.1.4)
      event_emitter (>= 0.2.4)
      serialport (>= 1.1.0)
    args_parser (0.2.0)
    event_emitter (0.2.5)
    serialport (1.3.1)

PLATFORMS
  x64-mingw32

DEPENDENCIES
  arduino_firmata

RUBY VERSION
   ruby 2.2.5p319

BUNDLED WITH
   1.13.1
